GEM
  remote: https://rubygems.org/
  specs:
    dante (0.2.0)
    json (2.3.1)
    newrelic_plugin (1.3.1)
      json
    server_log_parser (0.4.1)

PLATFORMS
  ruby

DEPENDENCIES
  dante
  newrelic_plugin
  server_log_parser

BUNDLED WITH
   1.16.1
