GEM
  remote: https://rubygems.org/
  specs:
    awesome_print (1.8.0)
    server_log_parser (0.4.1)

PLATFORMS
  ruby

DEPENDENCIES
  awesome_print
  server_log_parser

BUNDLED WITH
   1.16.1
